GEM
  remote: https://rubygems.org/
  specs:
    activesupport (5.0.7.1)
      concurrent-ruby (~> 1.0, >= 1.0.2)
      i18n (>= 0.7, < 2)
      minitest (~> 5.1)
      tzinfo (~> 1.1)
    addressable (2.4.0)
    autoprefixer-rails (9.4.7)
      execjs
    backports (3.11.4)
    bourbon (4.2.6)
      sass (~> 3.4)
      thor (~> 0.19)
    builder (3.2.2)
    coffee-script (2.4.1)
      coffee-script-source
      execjs
    coffee-script-source (1.12.2)
    concurrent-ruby (1.1.4)
    contentful (2.6.0)
      http (> 0.8, < 3.0)
      multi_json (~> 1)
    contentful-webhook-listener (0.3.0)
    contentful_middleman (4.0.0)
      contentful (~> 2.1)
      contentful-webhook-listener (~> 0.1)
      middleman-cli (~> 4.0)
      middleman-core (~> 4.0)
    contracts (0.13.0)
    domain_name (0.5.20180417)
      unf (>= 0.0.5, < 1.0.0)
    dotenv (2.6.0)
    em-websocket (0.5.1)
      eventmachine (>= 0.12.9)
      http_parser.rb (~> 0.6.0)
    erubis (2.7.0)
    eventmachine (1.0.9.1)
    execjs (2.7.0)
    fast_blank (1.0.0)
    fastimage (2.1.5)
    ffi (1.9.25)
    haml (5.0.4)
      temple (>= 0.8.0)
      tilt
    hamster (3.0.0)
      concurrent-ruby (~> 1.0)
    hashie (3.6.0)
    http (2.2.2)
      addressable (~> 2.3)
      http-cookie (~> 1.0)
      http-form_data (~> 1.0.1)
      http_parser.rb (~> 0.6.0)
    http-cookie (1.0.3)
      domain_name (~> 0.5)
    http-form_data (1.0.3)
    http_parser.rb (0.6.0)
    i18n (0.9.5)
      concurrent-ruby (~> 1.0)
    kramdown (1.4.2)
    listen (3.0.8)
      rb-fsevent (~> 0.9, >= 0.9.4)
      rb-inotify (~> 0.9, >= 0.9.7)
    memoist (0.16.0)
    middleman (4.3.2)
      coffee-script (~> 2.2)
      haml (>= 4.0.5)
      kramdown (~> 1.2)
      middleman-cli (= 4.3.2)
      middleman-core (= 4.3.2)
    middleman-autoprefixer (2.10.0)
      autoprefixer-rails (>= 9.1.4)
      middleman-core (>= 3.3.3)
    middleman-blog (4.0.0)
      addressable (~> 2.4.0)
      middleman-core (>= 4.0.0)
      tzinfo (>= 0.3.0)
    middleman-cli (4.3.2)
      thor (>= 0.17.0, < 2.0)
    middleman-core (4.3.2)
      activesupport (>= 4.2, < 5.1)
      addressable (~> 2.3)
      backports (~> 3.6)
      bundler
      contracts (~> 0.13.0)
      dotenv
      erubis
      execjs (~> 2.0)
      fast_blank
      fastimage (~> 2.0)
      hamster (~> 3.0)
      hashie (~> 3.4)
      i18n (~> 0.9.0)
      listen (~> 3.0.0)
      memoist (~> 0.14)
      padrino-helpers (~> 0.13.0)
      parallel
      rack (>= 1.4.5, < 3)
      sassc (~> 2.0)
      servolux
      tilt (~> 2.0.9)
      uglifier (~> 3.0)
    middleman-gh-pages (0.3.0)
      rake (> 0.9.3)
    middleman-livereload (3.4.6)
      em-websocket (~> 0.5.1)
      middleman-core (>= 3.3)
      rack-livereload (~> 0.3.15)
    mini_portile2 (2.4.0)
    minitest (5.11.3)
    multi_json (1.13.1)
    nokogiri (1.10.1)
      mini_portile2 (~> 2.4.0)
    padrino-helpers (0.13.3.4)
      i18n (~> 0.6, >= 0.6.7)
      padrino-support (= 0.13.3.4)
      tilt (>= 1.4.1, < 3)
    padrino-support (0.13.3.4)
      activesupport (>= 3.1)
    parallel (1.13.0)
    rack (2.2.3)
    rack-livereload (0.3.16)
      rack
    rake (12.3.2)
    rb-fsevent (0.10.3)
    rb-inotify (0.10.0)
      ffi (~> 1.0)
    redcarpet (3.4.0)
    sass (3.4.25)
    sassc (2.0.0)
      ffi (~> 1.9.6)
      rake
    servolux (0.13.0)
    susy (2.2.12)
      sass (>= 3.3.0, < 3.5)
    temple (0.8.0)
    thor (0.20.3)
    thread_safe (0.3.6)
    tilt (2.0.9)
    tzinfo (1.2.5)
      thread_safe (~> 0.1)
    uglifier (3.2.0)
      execjs (>= 0.3.0, < 3)
    unf (0.1.4)
      unf_ext
    unf_ext (0.0.7.5)

PLATFORMS
  ruby

DEPENDENCIES
  bourbon
  builder
  coffee-script
  contentful_middleman
  kramdown (~> 1.4.0)
  middleman
  middleman-autoprefixer
  middleman-blog
  middleman-gh-pages
  middleman-livereload
  nokogiri
  redcarpet
  sass
  susy
  uglifier

BUNDLED WITH
   1.16.1
